GEM
  remote: https://rubygems.org/
  specs:
    byebug (6.0.2)
    chronic (0.10.2)
    colorize (0.7.7)
    mail (2.6.3)
      mime-types (>= 1.16, < 3)
    mime-types (2.6.2)
    thor (0.19.1)
    whenever (0.9.4)
      chronic (>= 0.6.3)

PLATFORMS
  ruby

DEPENDENCIES
  byebug (= 6.0.2)
  colorize (= 0.7.7)
  mail (= 2.6.3)
  thor (= 0.19.1)
  whenever (= 0.9.4)

BUNDLED WITH
   1.10.6
