GEM
  remote: https://rubygems.org/
  specs:
    byebug (6.0.2)
    chronic (0.10.2)
    event_emitter (0.2.5)
    mail (2.6.3)
      mime-types (>= 1.16, < 3)
    mime-types (2.6.2)
    thor (0.19.1)
    websocket (1.2.2)
    websocket-client-simple (0.2.4)
      event_emitter
      websocket
    whenever (0.9.4)
      chronic (>= 0.6.3)

PLATFORMS
  ruby

DEPENDENCIES
  byebug (= 6.0.2)
  mail (= 2.6.3)
  thor (= 0.19.1)
  websocket-client-simple (= 0.2.4)
  whenever (= 0.9.4)

BUNDLED WITH
   1.10.6
